GIT
  remote: https://github.com/ets-berkeley-edu/jruby-activemq.git
  revision: 26cf938f9d52c269fdd9f73488b9e98a37dc317b
  specs:
    jruby-activemq (5.13.0-java)

GIT
  remote: https://github.com/ets-berkeley-edu/log4r
  revision: 4b5ce3f171250220695c74e8f6130cb26be18b30
  specs:
    log4r (1.1.10)

GIT
  remote: https://github.com/ets-berkeley-edu/omniauth-cas.git
  revision: 8a1b257f952013a9907ee85a6a143e39034a73c0
  specs:
    omniauth-cas (1.1.0)
      addressable (~> 2.7.0)
      nokogiri (~> 1.10.8)
      omniauth (~> 1.9.0)

GIT
  remote: https://github.com/instructure/ims-lti.git
  revision: 7f176e17de742a2645196541361dcba291e1cbe9
  branch: 1.2.x
  specs:
    ims-lti (1.2.4)
      builder (>= 1.0, < 4.0)
      oauth (>= 0.4.5, < 0.6)

GEM
  remote: https://rubygems.org/
  specs:
    actioncable (6.0.3.3)
      actionpack (= 6.0.3.3)
      nio4r (~> 2.0)
      websocket-driver (>= 0.6.1)
    actionmailbox (6.0.3.3)
      actionpack (= 6.0.3.3)
      activejob (= 6.0.3.3)
      activerecord (= 6.0.3.3)
      activestorage (= 6.0.3.3)
      activesupport (= 6.0.3.3)
      mail (>= 2.7.1)
    actionmailer (6.0.3.3)
      actionpack (= 6.0.3.3)
      actionview (= 6.0.3.3)
      activejob (= 6.0.3.3)
      mail (~> 2.5, >= 2.5.4)
      rails-dom-testing (~> 2.0)
    actionpack (6.0.3.3)
      actionview (= 6.0.3.3)
      activesupport (= 6.0.3.3)
      rack (~> 2.0, >= 2.0.8)
      rack-test (>= 0.6.3)
      rails-dom-testing (~> 2.0)
      rails-html-sanitizer (~> 1.0, >= 1.2.0)
    actiontext (6.0.3.3)
      actionpack (= 6.0.3.3)
      activerecord (= 6.0.3.3)
      activestorage (= 6.0.3.3)
      activesupport (= 6.0.3.3)
      nokogiri (>= 1.8.5)
    actionview (6.0.3.3)
      activesupport (= 6.0.3.3)
      builder (~> 3.1)
      erubi (~> 1.4)
      rails-dom-testing (~> 2.0)
      rails-html-sanitizer (~> 1.1, >= 1.2.0)
    active_attr (0.15.0)
      actionpack (>= 3.0.2, < 6.1)
      activemodel (>= 3.0.2, < 6.1)
      activesupport (>= 3.0.2, < 6.1)
    activejob (6.0.3.3)
      activesupport (= 6.0.3.3)
      globalid (>= 0.3.6)
    activemodel (6.0.3.3)
      activesupport (= 6.0.3.3)
    activerecord (6.0.3.3)
      activemodel (= 6.0.3.3)
      activesupport (= 6.0.3.3)
    activerecord-jdbc-adapter (60.2-java)
      activerecord (~> 6.0.0)
    activerecord-jdbcpostgresql-adapter (60.2-java)
      activerecord-jdbc-adapter (= 60.2)
      jdbc-postgres (>= 9.4, < 43)
    activerecord-jdbcsqlite3-adapter (60.2-java)
      activerecord-jdbc-adapter (= 60.2)
      jdbc-sqlite3 (~> 3.8, < 3.30)
    activerecord-oracle_enhanced-adapter (6.0.4)
      activerecord (~> 6.0.0)
      ruby-plsql (>= 0.6.0)
    activestorage (6.0.3.3)
      actionpack (= 6.0.3.3)
      activejob (= 6.0.3.3)
      activerecord (= 6.0.3.3)
      marcel (~> 0.3.1)
    activesupport (6.0.3.3)
      concurrent-ruby (~> 1.0, >= 1.0.2)
      i18n (>= 0.7, < 2)
      minitest (~> 5.1)
      tzinfo (~> 1.1)
      zeitwerk (~> 2.2, >= 2.2.2)
    addressable (2.7.0)
      public_suffix (>= 2.0.2, < 5.0)
    ansi (1.5.0)
    aws-eventstream (1.1.0)
    aws-partitions (1.366.0)
    aws-sdk-core (3.105.0)
      aws-eventstream (~> 1, >= 1.0.2)
      aws-partitions (~> 1, >= 1.239.0)
      aws-sigv4 (~> 1.1)
      jmespath (~> 1.0)
    aws-sdk-kms (1.37.0)
      aws-sdk-core (~> 3, >= 3.99.0)
      aws-sigv4 (~> 1.1)
    aws-sdk-s3 (1.8.2)
      aws-sdk-core (~> 3)
      aws-sdk-kms (~> 1)
      aws-sigv4 (~> 1.0)
    aws-sigv4 (1.2.2)
      aws-eventstream (~> 1, >= 1.0.2)
    builder (3.2.4)
    capistrano (2.15.9)
      highline
      net-scp (>= 1.0.0)
      net-sftp (>= 2.0.0)
      net-ssh (>= 2.0.14)
      net-ssh-gateway (>= 1.1.0)
    capybara (2.7.1)
      addressable
      mime-types (>= 1.16)
      nokogiri (>= 1.3.3)
      rack (>= 1.0.0)
      rack-test (>= 0.5.4)
      xpath (~> 2.0)
    childprocess (3.0.0)
    columnize (0.9.0)
    concurrent-ruby (1.1.7)
    connection_pool (2.2.3)
    crack (0.4.3)
      safe_yaml (~> 1.0.0)
    crass (1.0.6)
    dalli (2.7.11)
    data_magic (1.2)
      faker (>= 1.1.2)
      yml_reader (>= 0.6)
    declarative (0.0.20)
    declarative-option (0.1.0)
    diff-lcs (1.4.4)
    erubi (1.9.0)
    faker (2.13.0)
      i18n (>= 1.6, < 2)
    faraday (0.9.2)
      multipart-post (>= 1.2, < 3)
    faraday_middleware (0.9.2)
      faraday (>= 0.7.4, < 0.10)
    globalid (0.4.2)
      activesupport (>= 4.2.0)
    google-api-client (0.32.1)
      addressable (~> 2.5, >= 2.5.1)
      googleauth (>= 0.5, < 0.10.0)
      httpclient (>= 2.8.1, < 3.0)
      mini_mime (~> 1.0)
      representable (~> 3.0)
      retriable (>= 2.0, < 4.0)
      signet (~> 0.10)
    google_drive (3.0.5)
      google-api-client (>= 0.11.0, < 1.0.0)
      googleauth (>= 0.5.0, < 1.0.0)
      nokogiri (>= 1.5.3, < 2.0.0)
    googleauth (0.5.1)
      faraday (~> 0.9)
      jwt (~> 1.4)
      logging (~> 2.0)
      memoist (~> 0.12)
      multi_json (~> 1.11)
      os (~> 0.9)
      signet (~> 0.7)
    hashie (4.1.0)
    headless (1.0.2)
    highline (2.0.3)
    httparty (0.18.1)
      mime-types (~> 3.0)
      multi_xml (>= 0.5.2)
    httpclient (2.8.3)
    i18n (1.8.5)
      concurrent-ruby (~> 1.0)
    icalendar (2.2.2)
    jdbc-postgres (42.2.14)
    jdbc-sqlite3 (3.28.0)
    jmespath (1.4.0)
    jruby-jars (9.2.0.0)
    jruby-openssl (0.10.4-java)
    jruby-rack (1.1.21)
    json (2.3.1-java)
    jwt (1.5.6)
    linecache (1.3.1-java)
    link_header (0.0.8)
    little-plugger (1.1.4)
    logging (2.3.0)
      little-plugger (~> 1.1)
      multi_json (~> 1.14)
    loofah (2.7.0)
      crass (~> 1.0.2)
      nokogiri (>= 1.5.9)
    mail (2.7.1)
      mini_mime (>= 0.1.1)
    marcel (0.3.3)
      mimemagic (~> 0.3.2)
    memoist (0.16.2)
    method_source (1.0.0)
    mime-types (3.3.1)
      mime-types-data (~> 3.2015)
    mime-types-data (3.2020.0512)
    mimemagic (0.3.5)
    mini_mime (1.0.2)
    minitest (5.14.2)
    minitest-reporters (1.0.20)
      ansi
      builder
      minitest (>= 5.0)
      ruby-progressbar
    multi_json (1.15.0)
    multi_xml (0.6.0)
    multipart-post (2.1.1)
    net-ldap (0.16.3)
    net-scp (3.0.0)
      net-ssh (>= 2.6.5, < 7.0.0)
    net-sftp (3.0.0)
      net-ssh (>= 5.0.0, < 7.0.0)
    net-ssh (5.0.2)
    net-ssh-gateway (2.0.0)
      net-ssh (>= 4.0.0)
    net-telnet (0.2.0)
    nio4r (2.5.3-java)
    nokogiri (1.10.10-java)
    oauth (0.5.4)
    omniauth (1.9.1)
      hashie (>= 3.4.6)
      rack (>= 1.6.2, < 3)
    os (0.9.6)
    page-object (2.2.6)
      page_navigation (>= 0.10)
      selenium-webdriver (~> 3.0)
      watir (~> 6.8)
    page_navigation (0.10)
      data_magic (>= 0.22)
    power_assert (1.2.0)
    public_suffix (4.0.6)
    puma (3.12.6-java)
    pundit (0.3.0)
      activesupport (>= 3.0.0)
    rack (2.2.3)
    rack-test (1.1.0)
      rack (>= 1.0, < 3)
    rails (6.0.3.3)
      actioncable (= 6.0.3.3)
      actionmailbox (= 6.0.3.3)
      actionmailer (= 6.0.3.3)
      actionpack (= 6.0.3.3)
      actiontext (= 6.0.3.3)
      actionview (= 6.0.3.3)
      activejob (= 6.0.3.3)
      activemodel (= 6.0.3.3)
      activerecord (= 6.0.3.3)
      activestorage (= 6.0.3.3)
      activesupport (= 6.0.3.3)
      bundler (>= 1.3.0)
      railties (= 6.0.3.3)
      sprockets-rails (>= 2.0.0)
    rails-dom-testing (2.0.3)
      activesupport (>= 4.2.0)
      nokogiri (>= 1.6)
    rails-html-sanitizer (1.3.0)
      loofah (~> 2.3)
    railties (6.0.3.3)
      actionpack (= 6.0.3.3)
      activesupport (= 6.0.3.3)
      method_source
      rake (>= 0.8.7)
      thor (>= 0.20.3, < 2.0)
    rake (13.0.1)
    regexp_parser (1.7.1)
    representable (3.0.4)
      declarative (< 0.1.0)
      declarative-option (< 0.2.0)
      uber (< 0.2.0)
    responders (3.0.1)
      actionpack (>= 5.0)
      railties (>= 5.0)
    retriable (2.1.0)
    rspec-collection_matchers (1.2.0)
      rspec-expectations (>= 2.99.0.beta1)
    rspec-core (3.9.2)
      rspec-support (~> 3.9.3)
    rspec-expectations (3.9.2)
      diff-lcs (>= 1.2.0, < 2.0)
      rspec-support (~> 3.9.0)
    rspec-its (1.3.0)
      rspec-core (>= 3.0.0)
      rspec-expectations (>= 3.0.0)
    rspec-mocks (3.9.1)
      diff-lcs (>= 1.2.0, < 2.0)
      rspec-support (~> 3.9.0)
    rspec-rails (4.0.1)
      actionpack (>= 4.2)
      activesupport (>= 4.2)
      railties (>= 4.2)
      rspec-core (~> 3.9)
      rspec-expectations (~> 3.9)
      rspec-mocks (~> 3.9)
      rspec-support (~> 3.9)
    rspec-support (3.9.3)
    ruby-debug (0.11.0)
      columnize (>= 0.1)
      linecache (~> 1.3.1)
      ruby-debug-base (~> 0.11.0.0)
    ruby-debug-base (0.11.0-java)
    ruby-plsql (0.7.1)
    ruby-progressbar (1.10.1)
    rubyzip (1.3.0)
    rvm-capistrano (1.5.6)
      capistrano (~> 2.15.4)
    safe_yaml (1.0.5)
    secure_headers (6.3.1)
    selenium-webdriver (3.142.7)
      childprocess (>= 0.5, < 4.0)
      rubyzip (>= 1.2.2)
    signet (0.10.0)
      addressable (~> 2.3)
      faraday (~> 0.9)
      jwt (>= 1.5, < 3.0)
      multi_json (~> 1.10)
    sprockets (4.0.2)
      concurrent-ruby (~> 1.0)
      rack (> 1, < 3)
    sprockets-rails (3.2.1)
      actionpack (>= 4.0)
      activesupport (>= 4.0)
      sprockets (>= 3.0.0)
    test-unit (3.3.6)
      power_assert
    thor (1.0.1)
    thread_safe (0.3.6-java)
    tzinfo (1.2.7)
      thread_safe (~> 0.1)
    uber (0.1.0)
    warbler (2.0.5)
      jruby-jars (>= 9.0.0.0)
      jruby-rack (>= 1.1.1, < 1.3)
      rake (>= 10.1.0)
      rubyzip (~> 1.0, < 1.4)
    watir (6.17.0)
      regexp_parser (~> 1.2)
      selenium-webdriver (~> 3.6)
    webmock (1.20.4)
      addressable (>= 2.3.6)
      crack (>= 0.3.2)
    websocket-driver (0.7.3-java)
      websocket-extensions (>= 0.1.0)
    websocket-extensions (0.1.5)
    xpath (2.1.0)
      nokogiri (~> 1.3)
    yml_reader (0.7)
    zeitwerk (2.4.0)

PLATFORMS
  java

DEPENDENCIES
  active_attr (~> 0.15.0)
  activerecord-jdbc-adapter (~> 60.2)
  activerecord-jdbcpostgresql-adapter (~> 60.2)
  activerecord-jdbcsqlite3-adapter (~> 60.2)
  activerecord-oracle_enhanced-adapter (~> 6.0.4)
  aws-sdk-s3 (~> 1.8.2)
  capistrano (~> 2.15.9)
  capybara (~> 2.7.1)
  concurrent-ruby (~> 1.0)
  connection_pool (~> 2.2.3)
  dalli (~> 2.7.11)
  faraday (~> 0.9.0)
  faraday_middleware (~> 0.9.1)
  google-api-client (= 0.32.1)
  google_drive (~> 3.0.5)
  headless (~> 1.0.2)
  httparty (~> 0.18.1)
  icalendar (~> 2.2.2)
  ims-lti!
  jruby-activemq (~> 5.13.0)!
  jruby-jars (= 9.2.0.0)
  jruby-openssl (= 0.10.4)
  json (~> 2.3.1.pre.java)
  link_header (~> 0.0.7)
  log4r (~> 1.1)!
  minitest-reporters (~> 1.0.8)
  net-ldap (~> 0.16.3)
  net-ssh (= 5.0.2)
  net-telnet (~> 0.2.0)
  nokogiri (~> 1.10.8)
  omniauth-cas (~> 1.1.0)!
  page-object (~> 2.2.6)
  puma (~> 3.12.6)
  pundit (~> 0.3.0)
  rack (~> 2.2.3)
  rails (= 6.0.3.3)
  rake (~> 13.0.1)
  responders (~> 3.0.1)
  retriable (~> 2.0)
  rspec-collection_matchers (~> 1.2.0)
  rspec-core (~> 3.9.2)
  rspec-its (~> 1.3.0)
  rspec-mocks (~> 3.9.1)
  rspec-rails (~> 4.0.1)
  rspec-support (~> 3.9.3)
  ruby-debug (>= 0.10.5.rc9)
  rubyzip (~> 1.3.0)
  rvm-capistrano (~> 1.5.6)
  secure_headers (~> 6.3.1)
  selenium-webdriver (~> 3.142.7)
  signet (~> 0.10.0)
  test-unit
  warbler (~> 2.0.5)
  webmock (~> 1.20.4)

BUNDLED WITH
   1.17.3
